PATH
  remote: .
  specs:
    mdt-versioned (0.0.1)
      mdt-core (~> 0.1)

GEM
  remote: https://rubygems.org/
  specs:
    diff-lcs (1.3)
    mdt-core (0.2)
    rspec (3.7.0)
      rspec-core (~> 3.7.0)
      rspec-expectations (~> 3.7.0)
      rspec-mocks (~> 3.7.0)
    rspec-core (3.7.1)
      rspec-support (~> 3.7.0)
    rspec-expectations (3.7.0)
      diff-lcs (>= 1.2.0, < 2.0)
      rspec-support (~> 3.7.0)
    rspec-mocks (3.7.0)
      diff-lcs (>= 1.2.0, < 2.0)
      rspec-support (~> 3.7.0)
    rspec-support (3.7.1)

PLATFORMS
  ruby

DEPENDENCIES
  mdt-versioned!
  rspec (~> 3.7)

BUNDLED WITH
   1.16.1
